GEM
  remote: https://rubygems.org/
  specs:
    color (1.4.1)
    rasem (0.6.1)
    trollop (2.0)

PLATFORMS
  ruby

DEPENDENCIES
  color
  rasem
  trollop
